NUGET
  remote: https://nuget.org/api/v2
  specs:
    Akka (1.0.4)
      Newtonsoft.Json (>= 7.0.1)
    Akka.Persistence (1.0.4.12-beta)
      Akka (>= 1.0.4)
      Google.ProtocolBuffers (>= 2.4.1.521)
      Newtonsoft.Json (>= 7.0.1)
    Akka.Remote (1.0.4)
      Akka (>= 1.0.4)
      Google.ProtocolBuffers (>= 2.4.1.521)
      Helios (>= 1.4.1)
    Akka.TestKit (1.0.4)
      Akka (>= 1.0.4)
    Akka.TestKit.Xunit2 (1.0.4)
      Akka.TestKit (>= 1.0.4)
      xunit (>= 2.0.0)
      xunit.abstractions (>= 2.0.0)
      xunit.assert (>= 2.0.0)
      xunit.core (>= 2.0.0)
      xunit.extensibility.core (>= 2.0.0)
    FAKE (4.4.1)
    FsCheck (2.0.7)
      FSharp.Core (>= 3.1.2.5)
    FsCheck.Xunit (2.0.7)
      FsCheck (>= 2.0.7)
      xunit (>= 1.9.2)
    FSharp.Compiler.Service (0.0.90)
    FSharp.Core (4.0.0.1)
    FSharp.Formatting (2.10.3)
      FSharp.Compiler.Service (>= 0.0.90 <= 1.3)
      FSharpVSPowerTools.Core (1.9.0)
    FSharpVSPowerTools.Core (1.9.0)
      FSharp.Compiler.Service (>= 0.0.90)
    FsPickler (1.3.7)
    FSPowerPack.Core.Community (3.0.0.0)
    FSPowerPack.Linq.Community (3.0.0.0)
      FSPowerPack.Core.Community
    Google.ProtocolBuffers (2.4.1.555)
    Helios (1.4.1)
    Microsoft.Bcl (1.1.10)
      Microsoft.Bcl.Build (>= 1.0.14)
    Microsoft.Bcl.Build (1.0.21)
    Microsoft.Net.Http (2.2.29)
      Microsoft.Bcl (>= 1.1.10)
      Microsoft.Bcl.Build (>= 1.0.14)
    Newtonsoft.Json (7.0.1)
    Octokit (0.15.0)
      Microsoft.Net.Http
    SourceLink (1.1.0)
    xunit (2.0.0)
      xunit.assert (2.0.0)
      xunit.core (2.0.0)
    xunit.abstractions (2.0.0)
    xunit.assert (2.0.0)
    xunit.core (2.0.0)
      xunit.extensibility.core (2.0.0)
    xunit.extensibility.core (2.0.0)
      xunit.abstractions (2.0.0)
    xunit.runner.console (2.0.0)
GITHUB
  remote: fsharp/FAKE
  specs:
    modules/Octokit/Octokit.fsx (b5b55ccbe81c9fda6e025e6c16f041601b8c76df)
      Octokit