NUGET
  remote: https://nuget.org/api/v2
  specs:
    Akka (1.0.3)
      Newtonsoft.Json (>= 6.0.8)
    Akka.Persistence (1.0.3.0-beta)
      Akka (>= 1.0.3)
      Google.ProtocolBuffers (>= 2.4.1.521)
      Newtonsoft.Json (>= 6.0.8)
    Akka.TestKit (1.0.3)
      Akka (>= 1.0.3)
    FAKE (3.35.4)
    FsCheck (2.0.1)
      FSharp.Core (>= 3.1.2.1)
    FsCheck.Xunit (2.0.1)
      FsCheck (>= 2.0.1)
      xunit (>= 1.9.2)
    FSharp.Compiler.Service (0.0.90)
    FSharp.Core (3.1.2.1)
    FSharp.Formatting (2.9.9)
      FSharp.Compiler.Service (>= 0.0.87)
      FSharpVSPowerTools.Core (1.8.0)
    FSharpVSPowerTools.Core (1.8.0)
      FSharp.Compiler.Service (>= 0.0.87)
    FsPickler (1.2.9)
    FSPowerPack.Core.Community (3.0.0.0)
    FSPowerPack.Linq.Community (3.0.0.0)
      FSPowerPack.Core.Community
    Google.ProtocolBuffers (2.4.1.555)
    Microsoft.Bcl (1.1.10)
      Microsoft.Bcl.Build (>= 1.0.14)
    Microsoft.Bcl.Build (1.0.21)
    Microsoft.Net.Http (2.2.29)
      Microsoft.Bcl (>= 1.1.10)
      Microsoft.Bcl.Build (>= 1.0.14)
    Newtonsoft.Json (7.0.1)
    Octokit (0.13.0)
      Microsoft.Net.Http
    SourceLink (0.5.0)
    xunit (2.0.0)
      xunit.assert (2.0.0)
      xunit.core (2.0.0)
    xunit.abstractions (2.0.0)
    xunit.assert (2.0.0)
    xunit.core (2.0.0)
      xunit.extensibility.core (2.0.0)
    xunit.extensibility.core (2.0.0)
      xunit.abstractions (2.0.0)
    xunit.runner.console (2.0.0)
GITHUB
  remote: fsharp/FAKE
  specs:
    modules/Octokit/Octokit.fsx (98d8f2e57e8f9972703d4237dd62f8e13d6b8d7d)
      Octokit